GEM
  remote: https://rubygems.org/
  specs:
    aws-sdk (2.3.11)
      aws-sdk-resources (= 2.3.11)
    aws-sdk-core (2.3.11)
      jmespath (~> 1.0)
    aws-sdk-resources (2.3.11)
      aws-sdk-core (= 2.3.11)
    jmespath (1.2.4)
      json_pure (>= 1.8.1)
    json (1.8.3)
    json_pure (1.8.3)
    mixlib-cli (1.5.0)
    sensu-plugin (1.1.0)
      json
      mixlib-cli (>= 1.1.0)

PLATFORMS
  ruby

DEPENDENCIES
  aws-sdk
  sensu-plugin

BUNDLED WITH
   1.12.5
